PATH
  remote: .
  specs:
    default_form (1.1.0)

GEM
  remote: https://rubygems.org/
  specs:

PLATFORMS
  ruby

DEPENDENCIES
  default_form!

BUNDLED WITH
   1.13.2
