PATH
  remote: .
  specs:
    default_form (0.0.4)

GEM
  remote: https://ruby.taobao.org/
  specs:

PLATFORMS
  ruby

DEPENDENCIES
  default_form!

BUNDLED WITH
   1.10.6
